GEM
  remote: https://rubygems.org/
  specs:
    adsf (1.2.0)
      rack (>= 1.0.0)
    chunky_png (1.3.1)
    colored (1.2)
    compass (0.12.2)
      chunky_png (~> 1.2)
      fssm (>= 0.2.7)
      sass (~> 3.1)
    cri (2.7.0)
      colored (~> 1.2)
    fssm (0.2.10)
    haml (4.0.5)
      tilt
    mini_portile2 (2.5.1)
    nanoc (3.8.0)
      cri (~> 2.3)
    nokogiri (1.11.4)
      mini_portile2 (~> 2.5.0)
      racc (~> 1.4)
    racc (1.5.2)
    rack (1.5.2)
    sass (3.2.19)
    tilt (1.4.1)

PLATFORMS
  ruby

DEPENDENCIES
  adsf
  compass
  haml
  nanoc (~> 3.8.0)
  nokogiri
  sass (~> 3.2.14)
